GIT
  remote: git://github.com/mumuki/mumukit-bridge.git
  revision: 9cfffa438bb57d4e5f26b1c03acfe88cf7a95d2c
  branch: master
  specs:
    mumukit-bridge (0.0.1)
      rest-client

GIT
  remote: git://github.com/mumuki/mumukit.git
  revision: f29dd726ff127e357caf2d9279a0cfc2cac14057
  tag: v0.3.0
  specs:
    mumukit (0.3.0)
      sinatra (~> 1.4)

GIT
  remote: git://github.com/uqbar-project/gobstones-spec.git
  revision: 6716ae9b6e49bc35503b35f0ba8e89ef5857b6b1
  branch: master
  specs:
    gobstones-spec (0.2.0)
      gobgems (= 0.0.4)

GIT
  remote: git://github.com/uqbar-project/mumukit-inspection.git
  revision: 467ea454a85fed1ea4136b1c1d2b4f6d5dc88ad0
  branch: master
  specs:
    mumukit-inspection (0.0.1)

GEM
  remote: https://rubygems.org/
  specs:
    codeclimate-test-reporter (0.4.7)
      simplecov (>= 0.7.1, < 1.0.0)
    diff-lcs (1.2.5)
    docile (1.1.5)
    domain_name (0.5.24)
      unf (>= 0.0.5, < 1.0.0)
    gobgems (0.0.4)
    http-cookie (1.0.2)
      domain_name (~> 0.5)
    json (1.8.2)
    mime-types (2.5)
    netrc (0.10.3)
    rack (1.6.1)
    rack-protection (1.5.3)
      rack
    rake (10.4.2)
    rest-client (1.8.0)
      http-cookie (>= 1.0.2, < 2.0)
      mime-types (>= 1.16, < 3.0)
      netrc (~> 0.7)
    rspec (2.13.0)
      rspec-core (~> 2.13.0)
      rspec-expectations (~> 2.13.0)
      rspec-mocks (~> 2.13.0)
    rspec-core (2.13.1)
    rspec-expectations (2.13.0)
      diff-lcs (>= 1.1.3, < 2.0)
    rspec-mocks (2.13.1)
    simplecov (0.10.0)
      docile (~> 1.1.0)
      json (~> 1.8)
      simplecov-html (~> 0.10.0)
    simplecov-html (0.10.0)
    sinatra (1.4.6)
      rack (~> 1.4)
      rack-protection (~> 1.4)
      tilt (>= 1.3, < 3)
    tilt (2.0.1)
    unf (0.1.4)
      unf_ext
    unf_ext (0.0.7.1)

PLATFORMS
  ruby

DEPENDENCIES
  codeclimate-test-reporter
  gobstones-spec!
  mumukit!
  mumukit-bridge!
  mumukit-inspection!
  rake
  rspec (= 2.13)
