GIT
  remote: git://github.com/mumuki/mumukit-bridge.git
  revision: 4c178dd71c6f38e93f2cfdca0db14226d777b6c3
  branch: master
  specs:
    mumukit-bridge (0.3.0)
      activesupport
      rest-client

GIT
  remote: git://github.com/mumuki/mumukit.git
  revision: 2a91d37768038607fbe03aeea95ee0e2841dc9c9
  tag: v0.7.2
  specs:
    mumukit (0.7.2)
      activesupport
      i18n (~> 0.7)
      sinatra (~> 1.4)

GIT
  remote: git://github.com/uqbar-project/mumukit-inspection.git
  revision: 11f0a129b18138336a2d2b1c9b72b97b2f34b208
  branch: master
  specs:
    mumukit-inspection (0.0.1)

GIT
  remote: git://github.com/uqbar-project/stones-spec.git
  revision: ca7d1a0af90aade90639b9010463e2feb56661d5
  branch: master
  specs:
    stones-spec (0.3.0)
      ruby-stones (= 0.1.1)

GEM
  remote: https://rubygems.org/
  specs:
    activesupport (4.2.1)
      i18n (~> 0.7)
      json (~> 1.7, >= 1.7.7)
      minitest (~> 5.1)
      thread_safe (~> 0.3, >= 0.3.4)
      tzinfo (~> 1.1)
    codeclimate-test-reporter (0.4.7)
      simplecov (>= 0.7.1, < 1.0.0)
    diff-lcs (1.2.5)
    docile (1.1.5)
    domain_name (0.5.25)
      unf (>= 0.0.5, < 1.0.0)
    http-cookie (1.0.2)
      domain_name (~> 0.5)
    i18n (0.7.0)
    json (1.8.2)
    mime-types (2.6.2)
    minitest (5.5.0)
    netrc (0.10.3)
    rack (1.6.4)
    rack-protection (1.5.3)
      rack
    rake (10.4.2)
    rest-client (1.8.0)
      http-cookie (>= 1.0.2, < 2.0)
      mime-types (>= 1.16, < 3.0)
      netrc (~> 0.7)
    rspec (2.13.0)
      rspec-core (~> 2.13.0)
      rspec-expectations (~> 2.13.0)
      rspec-mocks (~> 2.13.0)
    rspec-core (2.13.1)
    rspec-expectations (2.13.0)
      diff-lcs (>= 1.1.3, < 2.0)
    rspec-mocks (2.13.1)
    ruby-stones (0.1.1)
    simplecov (0.10.0)
      docile (~> 1.1.0)
      json (~> 1.8)
      simplecov-html (~> 0.10.0)
    simplecov-html (0.10.0)
    sinatra (1.4.6)
      rack (~> 1.4)
      rack-protection (~> 1.4)
      tilt (>= 1.3, < 3)
    thread_safe (0.3.4)
    tilt (2.0.1)
    tzinfo (1.2.2)
      thread_safe (~> 0.1)
    unf (0.1.4)
      unf_ext
    unf_ext (0.0.7.1)

PLATFORMS
  ruby

DEPENDENCIES
  activesupport
  codeclimate-test-reporter
  mumukit!
  mumukit-bridge!
  mumukit-inspection!
  rake
  rspec (= 2.13)
  stones-spec!

BUNDLED WITH
   1.11.2
