GIT
  remote: git://github.com/uqbar-project/mumukit.git
  revision: 972a0039a7d664e19bb29953f2193c6da6a1f4db
  branch: master
  specs:
    mumukit (0.1.1)
      sinatra (~> 1.4)

GEM
  remote: https://rubygems.org/
  specs:
    diff-lcs (1.2.5)
    rack (1.6.0)
    rack-protection (1.5.3)
      rack
    rake (10.4.2)
    rspec (2.13.0)
      rspec-core (~> 2.13.0)
      rspec-expectations (~> 2.13.0)
      rspec-mocks (~> 2.13.0)
    rspec-core (2.13.1)
    rspec-expectations (2.13.0)
      diff-lcs (>= 1.1.3, < 2.0)
    rspec-mocks (2.13.1)
    sinatra (1.4.6)
      rack (~> 1.4)
      rack-protection (~> 1.4)
      tilt (>= 1.3, < 3)
    tilt (2.0.1)

PLATFORMS
  ruby

DEPENDENCIES
  mumukit!
  rake
  rspec (= 2.13)
